GEM
  remote: https://rubygems.org/
  specs:
    activesupport (5.0.0.1)
      concurrent-ruby (~> 1.0, >= 1.0.2)
      i18n (~> 0.7)
      minitest (~> 5.1)
      tzinfo (~> 1.1)
    ast (2.3.0)
    clockwork (2.0.0)
      activesupport
      tzinfo
    concurrent-ruby (1.0.2)
    faraday (0.9.0)
      multipart-post (>= 1.2, < 3)
    faraday_middleware (0.10.1)
      faraday (>= 0.7.4, < 1.0)
    i18n (0.7.0)
    minitest (5.10.1)
    multi_json (1.12.1)
    multipart-post (2.0.0)
    parser (2.3.3.1)
      ast (~> 2.2)
    powerpack (0.1.1)
    rainbow (2.1.0)
    rubocop (0.46.0)
      parser (>= 2.3.1.1, < 3.0)
      powerpack (~> 0.1)
      rainbow (>= 1.99.1, < 3.0)
      ruby-progressbar (~> 1.7)
      unicode-display_width (~> 1.0, >= 1.0.1)
    ruby-progressbar (1.8.1)
    slack-api (0.0.4)
      faraday (>= 0.7, <= 0.9)
      faraday_middleware (~> 0.8)
      multi_json (~> 1.0, >= 1.0.3)
    thread_safe (0.3.5)
    tzinfo (1.2.2)
      thread_safe (~> 0.1)
    unicode-display_width (1.1.2)

PLATFORMS
  ruby

DEPENDENCIES
  clockwork
  rubocop
  slack-api

BUNDLED WITH
   1.12.5
